GEM
  remote: https://rubygems.org/
  specs:
    chronic (0.10.2)
    colorize (0.7.7)
    table_print (1.5.6)

PLATFORMS
  x64-mingw32

DEPENDENCIES
  chronic (= 0.10.2)
  colorize (= 0.7.7)
  table_print (= 1.5.6)

BUNDLED WITH
   1.12.5
